GEM
  remote: https://rubygems.org/
  specs:
    activesupport (3.2.13)
      i18n (= 0.6.1)
      multi_json (~> 1.0)
    bubble-wrap (1.3.0)
    colored (1.2)
    i18n (0.6.1)
    ib (0.3.1)
      thor (>= 0.15.4)
      xcodeproj (>= 0.4.1)
    motion-require (0.0.6)
    motion-support (0.2.4)
      motion-require (>= 0.0.6)
    motion_model (0.4.6)
      bubble-wrap (= 1.3.0)
      motion-support (>= 0.1.0)
    multi_json (1.7.7)
    rake (10.1.0)
    teacup (2.1.0)
    thor (0.18.1)
    xcodeproj (0.8.1)
      activesupport (~> 3.2.13)
      colored (~> 1.2)

PLATFORMS
  ruby

DEPENDENCIES
  bubble-wrap
  ib
  motion_model
  rake
  teacup
